PATH
  remote: .
  specs:
    okta-terraform-generator (0.1.0)
      facets (~> 3.1)
      mixlib-cli (~> 1.7)
      octokit (~> 4.0)
      oktakit (~> 0.2.0)

GEM
  remote: https://rubygems.org/
  specs:
    addressable (2.5.2)
      public_suffix (>= 2.0.2, < 4.0)
    ast (2.4.0)
    facets (3.1.0)
    faraday (0.15.0)
      multipart-post (>= 1.2, < 3)
    mixlib-cli (1.7.0)
    multipart-post (2.0.0)
    octokit (4.9.0)
      sawyer (~> 0.8.0, >= 0.5.3)
    oktakit (0.2.0)
      sawyer (~> 0.8.1)
    parallel (1.12.1)
    parser (2.5.1.0)
      ast (~> 2.4.0)
    powerpack (0.1.1)
    public_suffix (3.0.2)
    rainbow (3.0.0)
    rubocop (0.55.0)
      parallel (~> 1.10)
      parser (>= 2.5)
      powerpack (~> 0.1)
      rainbow (>= 2.2.2, < 4.0)
      ruby-progressbar (~> 1.7)
      unicode-display_width (~> 1.0, >= 1.0.1)
    ruby-progressbar (1.9.0)
    sawyer (0.8.1)
      addressable (>= 2.3.5, < 2.6)
      faraday (~> 0.8, < 1.0)
    unicode-display_width (1.3.2)

PLATFORMS
  ruby

DEPENDENCIES
  bundler (~> 1.16)
  okta-terraform-generator!
  rubocop

BUNDLED WITH
   1.16.1
